GEM
  remote: https://rubygems.org/
  specs:
    activesupport (5.0.0.1)
      concurrent-ruby (~> 1.0, >= 1.0.2)
      i18n (~> 0.7)
      minitest (~> 5.1)
      tzinfo (~> 1.1)
    addressable (2.4.0)
    concurrent-ruby (1.0.2)
    daemons (1.2.4)
    eventmachine (1.2.0.1)
    hecks (0.0.0)
      activesupport
      json-schema
      mysql2
      sequel
      sinatra
      thor (~> 0.19)
    i18n (0.7.0)
    json-schema (2.7.0)
      addressable (>= 2.4)
    minitest (5.9.0)
    mysql2 (0.4.4)
    pizza_builder (0.0.0)
    pizza_builder_adapters (0.0.0)
      hecks
      mysql2
      sequel
    rack (1.6.4)
    rack-protection (1.5.3)
      rack
    sequel (4.40.0)
    sinatra (1.4.7)
      rack (~> 1.5)
      rack-protection (~> 1.4)
      tilt (>= 1.3, < 3)
    thin (1.7.0)
      daemons (~> 1.0, >= 1.0.9)
      eventmachine (~> 1.0, >= 1.0.4)
      rack (>= 1, < 3)
    thor (0.19.1)
    thread_safe (0.3.5)
    tilt (2.0.5)
    tzinfo (1.2.2)
      thread_safe (~> 0.1)

PLATFORMS
  ruby

DEPENDENCIES
  hecks!
  pizza_builder!
  pizza_builder_adapters!
  thin!

BUNDLED WITH
   1.11.2
